GEM
  remote: https://rubygems.org/
  specs:
    addressable (2.4.0)
    bcrypt-ruby (3.0.1)
    data_objects (0.10.17)
      addressable (~> 2.1)
    dm-core (1.2.1)
      addressable (~> 2.3)
    dm-do-adapter (1.2.0)
      data_objects (~> 0.10.6)
      dm-core (~> 1.2.0)
    dm-migrations (1.2.0)
      dm-core (~> 1.2.0)
    dm-serializer (1.2.2)
      dm-core (~> 1.2.0)
      fastercsv (~> 1.5)
      json (~> 1.6)
      json_pure (~> 1.6)
      multi_json (~> 1.0)
    dm-sqlite-adapter (1.2.0)
      dm-do-adapter (~> 1.2.0)
      do_sqlite3 (~> 0.10.6)
    dm-timestamps (1.2.0)
      dm-core (~> 1.2.0)
    dm-transactions (1.2.0)
      dm-core (~> 1.2.0)
    dm-types (1.2.2)
      bcrypt-ruby (~> 3.0)
      dm-core (~> 1.2.0)
      fastercsv (~> 1.5)
      json (~> 1.6)
      multi_json (~> 1.0)
      stringex (~> 1.4)
      uuidtools (~> 2.1)
    dm-validations (1.2.0)
      dm-core (~> 1.2.0)
    do_sqlite3 (0.10.17)
      data_objects (= 0.10.17)
    erubis (2.7.0)
    faraday (0.9.2)
      multipart-post (>= 1.2, < 3)
    fastercsv (1.5.5)
    fastimage (1.6.8)
      addressable (~> 2.3, >= 2.3.5)
    hashie (3.4.3)
    htmlentities (4.3.4)
    json (1.8.3)
    json_pure (1.8.3)
    mini_portile2 (2.0.0)
    multi_json (1.10.1)
    multipart-post (2.0.0)
    nokogiri (1.6.7.2)
      mini_portile2 (~> 2.0.0.rc2)
    rack (1.6.4)
    rack-protection (1.5.3)
      rack
    rdiscount (2.1.8)
    redd (0.7.8)
      faraday (~> 0.9.1)
      fastimage (~> 1.6.6)
      hashie (~> 3.4.0)
      multi_json (~> 1.10.1)
    shotgun (0.9.1)
      rack (>= 1.0)
    sinatra (1.3.4)
      rack (~> 1.4)
      rack-protection (~> 1.3)
      tilt (~> 1.3, >= 1.3.3)
    sinatra-flash (0.3.0)
      sinatra (>= 1.0.0)
    stringex (1.5.1)
    thor (0.19.1)
    tilt (1.4.1)
    uuidtools (2.1.5)
    warden (1.2.3)
      rack (>= 1.0)

PLATFORMS
  ruby

DEPENDENCIES
  bcrypt-ruby (= 3.0.1)
  dm-core (= 1.2.1)
  dm-migrations (= 1.2.0)
  dm-serializer (= 1.2.2)
  dm-sqlite-adapter (= 1.2.0)
  dm-timestamps (= 1.2.0)
  dm-transactions (= 1.2.0)
  dm-types (= 1.2.2)
  dm-validations (= 1.2.0)
  erubis (= 2.7.0)
  htmlentities
  nokogiri
  rdiscount
  redd
  shotgun (= 0.9.1)
  sinatra (= 1.3.4)
  sinatra-flash (= 0.3.0)
  thor
  warden (= 1.2.3)
